GEM
  remote: http://rubygems.org/
  specs:
    blankslate (2.1.2.4)
    bluecloth (2.1.0)
    gli (1.3.3)
    json (1.6.1)
    nokogiri (1.5.0)
    parslet (1.2.3)
      blankslate (~> 2.0)
    pdfkit (0.5.2)
    rack (1.3.4)
    rack-protection (1.1.4)
      rack
    rmagick (2.13.1)
    showoff (0.7.0)
      bluecloth
      gli (>= 1.3.2)
      json
      nokogiri
      parslet
      sinatra
    sinatra (1.3.1)
      rack (~> 1.3, >= 1.3.4)
      rack-protection (~> 1.1, >= 1.1.2)
      tilt (~> 1.3, >= 1.3.3)
    tilt (1.3.3)

PLATFORMS
  ruby

DEPENDENCIES
  pdfkit (~> 0.5.2)
  rmagick (~> 2.13.1)
  showoff (~> 0.7.0)
